PATH
  remote: .
  specs:
    fast_gettext (0.8.1)

GEM
  remote: https://rubygems.org/
  specs:
    activemodel (3.2.14)
      activesupport (= 3.2.14)
      builder (~> 3.0.0)
    activerecord (3.2.14)
      activemodel (= 3.2.14)
      activesupport (= 3.2.14)
      arel (~> 3.0.2)
      tzinfo (~> 0.3.29)
    activesupport (3.2.14)
      i18n (~> 0.6, >= 0.6.4)
      multi_json (~> 1.0)
    appraisal (0.5.2)
      bundler
      rake
    arel (3.0.2)
    builder (3.0.4)
    bump (0.4.2)
    diff-lcs (1.2.4)
    i18n (0.6.5)
    multi_json (1.7.9)
    rake (10.1.0)
    rspec (2.14.1)
      rspec-core (~> 2.14.0)
      rspec-expectations (~> 2.14.0)
      rspec-mocks (~> 2.14.0)
    rspec-core (2.14.5)
    rspec-expectations (2.14.2)
      diff-lcs (>= 1.1.3, < 2.0)
    rspec-mocks (2.14.3)
    sqlite3 (1.3.8)
    tzinfo (0.3.37)

PLATFORMS
  ruby

DEPENDENCIES
  activerecord
  appraisal
  bump
  fast_gettext!
  i18n
  rake
  rspec
  sqlite3
